GEM
  remote: http://rubygems.org/
  specs:
    colorize (0.8.1)
    dotenv (2.7.5)
    rainbow_printer (0.1.0)

PLATFORMS
  ruby

DEPENDENCIES
  colorize
  dotenv (~> 2.7, >= 2.7.5)
  rainbow_printer

BUNDLED WITH
   1.16.6
